GEM
  remote: https://rubygems.org/
  specs:
    ffi (1.15.5)
    minitest (5.15.0)
    rbnacl (7.1.1)
      ffi

PLATFORMS
  arm64-darwin-20
  x86_64-darwin-19
  x86_64-linux

DEPENDENCIES
  minitest
  rbnacl

BUNDLED WITH
   2.3.5
