GEM
  remote: https://rubygems.org/
  specs:
    ffi (1.15.5)
    json (2.5.1)
    minitest (5.15.0)
    rbnacl (7.1.1)
      ffi

PLATFORMS
  arm64-darwin-20
  x86_64-darwin-19

DEPENDENCIES
  json
  minitest
  rbnacl

BUNDLED WITH
   2.2.29
